GEM
  remote: https://rubygems.org/
  specs:
    activemodel (4.1.0)
      activesupport (= 4.1.0)
      builder (~> 3.1)
    activesupport (4.1.0)
      i18n (~> 0.6, >= 0.6.9)
      json (~> 1.7, >= 1.7.7)
      minitest (~> 5.1)
      thread_safe (~> 0.1)
      tzinfo (~> 1.1)
    addressable (2.3.6)
    builder (3.2.2)
    faraday (0.8.9)
      multipart-post (~> 1.2.0)
    faraday_middleware (0.9.1)
      faraday (>= 0.7.4, < 0.10)
    hashie (2.1.1)
    i18n (0.6.9)
    inifile (2.0.2)
    json (1.8.1)
    linux_admin (0.5.7)
      activesupport (> 3.2)
      inifile (~> 2.0.2)
      more_core_extensions (~> 1.1.2)
      nokogiri
    mime-types (2.6.1)
    mini_portile (0.5.3)
    minigit (0.0.4)
    minitest (5.3.3)
    more_core_extensions (1.1.2)
      activesupport (> 3.2)
    multi_json (1.9.2)
    multipart-post (1.2.0)
    netrc (0.7.7)
    nokogiri (1.6.1)
      mini_portile (~> 0.5.0)
    oauth (0.4.7)
    octokit (1.25.0)
      addressable (~> 2.2)
      faraday (~> 0.8)
      faraday_middleware (~> 0.9)
      hashie (~> 2.0)
      multi_json (~> 1.3)
      netrc (~> 0.7.7)
    rails_config (0.5.0.beta1)
      activesupport (>= 3.0)
    rest-client (1.7.3)
      mime-types (>= 1.16, < 3.0)
      netrc (~> 0.7)
    ruby-trello (1.1.3)
      activemodel (>= 3.2.0)
      addressable (~> 2.3)
      json
      oauth (~> 0.4.5)
      rest-client (~> 1.7.2)
    ruby_bugzilla (0.4.2)
      linux_admin (~> 0.5.7)
    thread_safe (0.3.3)
    tzinfo (1.1.0)
      thread_safe (~> 0.1)

PLATFORMS
  ruby

DEPENDENCIES
  faraday (~> 0.8.8)
  minigit (~> 0.0.4)
  octokit (~> 1.25.0)
  rails_config (= 0.5.0.beta1)
  ruby-trello (~> 1.1.1)
  ruby_bugzilla (~> 0.4.1)

BUNDLED WITH
   1.10.4
